GEM
  remote: http://rubygems.org/
  specs:
    cgi_multipart_eof_fix (2.5.0)
    compass (0.10.6)
      haml (>= 3.0.4)
    daemons (1.1.0)
    fastthread (1.0.7)
    gem_plugin (0.2.3)
    haml (3.0.23)
    mongrel (1.1.5)
      cgi_multipart_eof_fix (>= 2.4)
      daemons (>= 1.0.3)
      fastthread (>= 1.0.1)
      gem_plugin (>= 0.2.3)
    rack (1.2.1)
    rdiscount (1.6.5)
    staticmatic (0.10.8)
      haml (>= 2.0.0)
      mongrel (>= 1.1.5)
      rack (>= 1.0)

PLATFORMS
  ruby

DEPENDENCIES
  compass
  rdiscount
  staticmatic
