GEM
  remote: http://rubygems.org/
  specs:
    chunky_png (1.2.0)
    compass (0.11.1)
      chunky_png (~> 1.1)
      fssm (>= 0.2.7)
      sass (~> 3.1)
    compass-colors (0.3.1)
      compass (>= 0.8.7)
    fssm (0.2.7)
    haml (3.1.1)
    rack (1.2.2)
    rake (0.9.2)
    rdiscount (1.6.8)
    sass (3.1.1)
    staticmatic (0.11.1)
      compass (>= 0.10.0)
      haml (>= 2.0.0)
      rack (>= 1.0)

PLATFORMS
  ruby

DEPENDENCIES
  compass
  compass-colors
  rake
  rdiscount
  staticmatic
